PATH
  remote: .
  specs:
    websocket-client-simple (0.2.3)
      event_emitter
      websocket

GEM
  remote: https://rubygems.org/
  specs:
    event_emitter (0.2.5)
    eventmachine (1.0.8)
    minitest (5.8.2)
    rake (10.4.2)
    websocket (1.2.2)
    websocket-eventmachine-base (1.1.1)
      eventmachine (~> 1.0)
      websocket (~> 1.0)
      websocket-native (~> 1.0)
    websocket-eventmachine-server (1.0.1)
      websocket-eventmachine-base (~> 1.0)
    websocket-native (1.0.0)

PLATFORMS
  ruby

DEPENDENCIES
  bundler (~> 1.3)
  eventmachine
  minitest
  rake
  websocket-client-simple!
  websocket-eventmachine-server

BUNDLED WITH
   1.10.5
