PATH
  remote: .
  specs:
    websocket-client-simple (0.0.5)
      event_emitter
      websocket

GEM
  remote: https://rubygems.org/
  specs:
    em-websocket (0.5.0)
      eventmachine (>= 0.12.9)
      http_parser.rb (~> 0.5.3)
    event_emitter (0.2.4)
    eventmachine (1.0.3)
    http_parser.rb (0.5.3)
    minitest (4.7.0)
    rake (10.0.3)
    websocket (1.0.7)

PLATFORMS
  ruby

DEPENDENCIES
  bundler (~> 1.3)
  em-websocket
  eventmachine
  minitest
  rake
  websocket-client-simple!
